GEM
  remote: https://rubygems.org/
  specs:
    nio4r (2.7.4)
    puma (6.5.0)
      nio4r (~> 2.0)
    rack (3.1.8)

PLATFORMS
  ruby
  x86_64-darwin-23

DEPENDENCIES
  puma
  rack

BUNDLED WITH
   2.5.10

